GIT
  remote: git@github.com:rack/rack-contrib
  revision: 68a8da0256cbc37f9f9f20e4dcaf471432082816
  specs:
    rack-contrib (1.2.0)
      rack (>= 0.9.1)

GEM
  remote: https://rubygems.org/
  specs:
    braintree (2.35.0)
      builder (>= 2.0.0)
    builder (3.2.2)
    json (1.8.1)
    rack (1.5.2)
    rack-protection (1.5.3)
      rack
    sinatra (1.4.5)
      rack (~> 1.4)
      rack-protection (~> 1.4)
      tilt (~> 1.3, >= 1.3.4)
    tilt (1.4.1)

PLATFORMS
  ruby

DEPENDENCIES
  braintree (~> 2.35.0)
  json (~> 1.8.1)
  rack (~> 1.5.2)
  rack-contrib!
  sinatra (~> 1.4.5)
